PATH
  remote: .
  specs:
    mbsy (1.0.1)

GEM
  remote: http://rubygems.org/
  specs:
    activesupport (3.2.6)
      i18n (~> 0.6)
      multi_json (~> 1.0)
    columnize (0.3.6)
    debugger (1.5.0)
      columnize (>= 0.3.1)
      debugger-linecache (~> 1.2.0)
      debugger-ruby_core_source (~> 1.2.0)
    debugger-linecache (1.2.0)
    debugger-ruby_core_source (1.2.0)
    diff-lcs (1.1.3)
    factory_girl (2.1.2)
      activesupport
    faker (1.0.1)
      i18n (~> 0.4)
    fakeweb (1.3.0)
    httparty (0.8.3)
      multi_json (~> 1.0)
      multi_xml
    i18n (0.6.0)
    json (1.7.3)
    multi_json (1.3.6)
    multi_xml (0.5.1)
    rake (0.9.2.2)
    rb-fsevent (0.9.3)
    rspec (2.7.0)
      rspec-core (~> 2.7.0)
      rspec-expectations (~> 2.7.0)
      rspec-mocks (~> 2.7.0)
    rspec-core (2.7.1)
    rspec-expectations (2.7.0)
      diff-lcs (~> 1.1.2)
    rspec-mocks (2.7.0)
    shoulda (3.0.1)
      shoulda-context (~> 1.0.0)
      shoulda-matchers (~> 1.0.0)
    shoulda-context (1.0.0)
    shoulda-matchers (1.0.0)

PLATFORMS
  ruby

DEPENDENCIES
  bundler (~> 1.1.1)
  debugger
  factory_girl (~> 2.1.0)
  faker (~> 1.0.1)
  fakeweb (~> 1.3.0)
  httparty (~> 0.8.3)
  json (~> 1.7.3)
  mbsy!
  rake (~> 0.9.2)
  rb-fsevent (~> 0.9.3)
  rspec (~> 2.7.0)
  shoulda
